GEM
  remote: https://rubygems.org/
  specs:
    diff-lcs (1.3)
    dotenv (2.5.0)
    ethon (0.11.0)
      ffi (>= 1.3.0)
    ffi (1.9.25)
    glimr-api-client (0.3.2)
      typhoeus (~> 1.1.2)
    mustermann (1.0.2)
    puma (3.12.2)
    rack (2.0.6)
    rack-protection (2.0.3)
      rack
    rack-test (1.0.0)
      rack (>= 1.0, < 3)
    rspec (3.7.0)
      rspec-core (~> 3.7.0)
      rspec-expectations (~> 3.7.0)
      rspec-mocks (~> 3.7.0)
    rspec-core (3.7.1)
      rspec-support (~> 3.7.0)
    rspec-expectations (3.7.0)
      diff-lcs (>= 1.2.0, < 2.0)
      rspec-support (~> 3.7.0)
    rspec-mocks (3.7.0)
      diff-lcs (>= 1.2.0, < 2.0)
      rspec-support (~> 3.7.0)
    rspec-support (3.7.1)
    sinatra (2.0.3)
      mustermann (~> 1.0)
      rack (~> 2.0)
      rack-protection (= 2.0.3)
      tilt (~> 2.0)
    tilt (2.0.8)
    typhoeus (1.1.2)
      ethon (>= 0.9.0)

PLATFORMS
  ruby

DEPENDENCIES
  dotenv
  glimr-api-client
  puma
  rack-test
  rspec
  sinatra

BUNDLED WITH
   1.16.1
